GEM
  remote: http://rubygems.org/
  specs:
    minitest (1.7.1)
    rspec (1.3.0)

PLATFORMS
  ruby

DEPENDENCIES
  minitest
  rspec (= 1.3.0)
